GEM
  remote: https://rubygems.org/
  specs:
    libv8 (8.4.255.0)
    libv8 (8.4.255.0-x86_64-darwin-19)

PLATFORMS
  ruby
  x86_64-darwin-19

DEPENDENCIES
  libv8

BUNDLED WITH
   2.2.1
